GEM
  remote: https://rubygems.org/
  specs:
    rspec-core (3.7.1)
      rspec-support (~> 3.7.0)
    rspec-support (3.7.1)

PLATFORMS
  ruby

DEPENDENCIES
  rspec-core (~> 3.7, >= 3.7.1)

BUNDLED WITH
   1.16.1
